GEM
  remote: https://rubygems.org/
  specs:
    activesupport (5.1.4)
      concurrent-ruby (~> 1.0, >= 1.0.2)
      i18n (~> 0.7)
      minitest (~> 5.1)
      tzinfo (~> 1.1)
    addressable (2.5.2)
      public_suffix (>= 2.0.2, < 4.0)
    bcrypt (3.1.11-x64-mingw32)
    clipboard (1.1.1)
    colorize (0.8.1)
    concurrent-ruby (1.0.5)
    domain_name (0.5.20170404)
      unf (>= 0.0.5, < 1.0.0)
    ffi (1.9.18-x64-mingw32)
    http (2.2.2)
      addressable (~> 2.3)
      http-cookie (~> 1.0)
      http-form_data (~> 1.0.1)
      http_parser.rb (~> 0.6.0)
    http-cookie (1.0.3)
      domain_name (~> 0.5)
    http-form_data (1.0.3)
    http_parser.rb (0.6.0)
    i18n (0.8.6)
    minitest (5.10.3)
    paint (2.0.0)
    password (1.3)
      activesupport (>= 2.0.2)
    public_suffix (3.0.0)
    rex-text (0.2.15)
    thread_safe (0.3.6)
    tzinfo (1.2.3)
      thread_safe (~> 0.1)
    unf (0.1.4)
      unf_ext
    unf_ext (0.0.7.4)
    unf_ext (0.0.7.4-x64-mingw32)
    unicode-display_width (1.3.0)
    whirly (0.2.5)
      unicode-display_width (~> 1.1)

PLATFORMS
  ruby
  x64-mingw32

DEPENDENCIES
  bcrypt
  clipboard
  colorize
  ffi
  http
  paint
  password
  rex-text
  whirly

BUNDLED WITH
   1.15.4
