GEM
  remote: https://rubygems.org/
  specs:
    clipboard (1.1.1)
    colorize (0.8.1)
    paint (2.0.0)
    rex-text (0.2.15)
    unicode-display_width (1.3.0)
    whirly (0.2.5)
      unicode-display_width (~> 1.1)

PLATFORMS
  ruby

DEPENDENCIES
  clipboard
  colorize
  ffi
  paint
  rex-text
  whirly

BUNDLED WITH
   1.15.4
